PATH
  remote: .
  specs:
    float-formats (0.3.0)
      flt (>= 1.4.7)
      numerals (>= 0.3.0)

GEM
  remote: https://rubygems.org/
  specs:
    flt (1.4.7)
    modalsupport (0.9.2)
    nio (0.2.5)
      flt (>= 1.0.0)
    numerals (0.3.0)
      flt (~> 1.4.6)
      modalsupport (~> 0.9.2)
    rake (10.4.2)

PLATFORMS
  ruby

DEPENDENCIES
  bundler (~> 1.6)
  float-formats!
  nio (>= 0.2.4)
  rake
