PATH
  remote: .
  specs:
    float-formats (0.3.0)
      flt (~> 1.5)
      numerals (~> 0.3)

GEM
  remote: https://rubygems.org/
  specs:
    flt (1.5.0)
    modalsupport (0.9.2)
    numerals (0.3.0)
      flt (~> 1.4)
      modalsupport (~> 0.9)
    rake (10.4.2)

PLATFORMS
  ruby

DEPENDENCIES
  bundler (~> 1.6)
  float-formats!
  rake
